GIT
  remote: git@github.com:aerospike/aerospike-client-ruby.git
  revision: 9b57d70d104d6617cdb169b4082a8eb7ca8c5882
  specs:
    aerospike (1.0.5)
      bcrypt (~> 3.1)
      msgpack (~> 0.5)

GEM
  remote: https://rubygems.org/
  specs:
    bcrypt (3.1.10)
    msgpack (0.5.11)
    teleinfo (0.0.3)

PLATFORMS
  ruby

DEPENDENCIES
  aerospike!
  teleinfo
