GEM
  remote: https://rubygems.org/
  specs:
    teleinfo (0.0.3)

PLATFORMS
  ruby

DEPENDENCIES
  teleinfo
