GEM
  remote: https://rubygems.org/
  specs:
    http (0.6.3)
      http_parser.rb (~> 0.6.0)
    http_parser.rb (0.6.0)
    teleinfo (0.0.3)

PLATFORMS
  ruby

DEPENDENCIES
  http
  teleinfo
